GEM
  remote: http://rubygems.org/
  specs:
    bubble-wrap (1.3.0)
    motion-require (0.0.6)
    motion-resource (0.1.3)
      bubble-wrap
      motion-support (>= 0.2.3)
    motion-support (0.2.4)
      motion-require (>= 0.0.6)

PLATFORMS
  ruby

DEPENDENCIES
  bubble-wrap
  motion-resource
